PATH
  remote: .
  specs:
    reckless (0.1.0)
      faraday (~> 0.7)
      hashr (~> 0)
      json (~> 1.8)
      nokogiri (~> 1.5)

GEM
  remote: https://rubygems.org/
  specs:
    diff-lcs (1.2.5)
    docile (1.1.0)
    faraday (0.9.0)
      multipart-post (>= 1.2, < 3)
    hashr (0.0.22)
    json (1.8.1)
    mini_portile (0.5.2)
    multi_json (1.8.2)
    multipart-post (2.0.0)
    nokogiri (1.6.1)
      mini_portile (~> 0.5.0)
    rake (10.1.1)
    rspec (2.14.1)
      rspec-core (~> 2.14.0)
      rspec-expectations (~> 2.14.0)
      rspec-mocks (~> 2.14.0)
    rspec-core (2.14.7)
    rspec-expectations (2.14.4)
      diff-lcs (>= 1.1.3, < 2.0)
    rspec-mocks (2.14.4)
    simplecov (0.8.2)
      docile (~> 1.1.0)
      multi_json
      simplecov-html (~> 0.8.0)
    simplecov-html (0.8.0)

PLATFORMS
  ruby

DEPENDENCIES
  rake
  reckless!
  rspec (~> 2.13)
  simplecov (~> 0.7)
